PATH
  remote: .
  specs:
    outline (0.1.1)
      meta_tools (~> 0.2.6)

GEM
  remote: http://rubygems.org/
  specs:
    diff-lcs (1.1.3)
    meta_tools (0.2.6)
    rspec (2.6.0)
      rspec-core (~> 2.6.0)
      rspec-expectations (~> 2.6.0)
      rspec-mocks (~> 2.6.0)
    rspec-core (2.6.4)
    rspec-expectations (2.6.0)
      diff-lcs (~> 1.1.2)
    rspec-mocks (2.6.0)

PLATFORMS
  ruby

DEPENDENCIES
  outline!
  rspec (~> 2.6.0)
